GIT
  remote: git://github.com/CodeMonkeySteve/fast_xor.git
  revision: 85b79ec6d116f9680f23bd2c5c8c2c2039d477d8
  ref: 85b79ec6d116f9680f23bd2c5c8c2c2039d477d8
  specs:
    fast_xor (1.1.2)
      rake
      rake-compiler

PATH
  remote: .
  specs:
    locationary (0.0.3)
      bundler (~> 1.3)
      minitest
      msgpack
      pry
      rake
      snappy
      zipruby (= 0.3.6)

GEM
  remote: https://rubygems.org/
  specs:
    coderay (1.0.9)
    method_source (0.8.2)
    minitest (5.0.7)
    msgpack (0.5.5)
    pry (0.9.12.2)
      coderay (~> 1.0.5)
      method_source (~> 0.8)
      slop (~> 3.4)
    rake (10.1.0)
    rake-compiler (0.9.1)
      rake
    slop (3.4.6)
    snappy (0.0.8)
    zipruby (0.3.6)

PLATFORMS
  ruby

DEPENDENCIES
  fast_xor!
  locationary!
